GEM
  remote: http://rubygems.org/
  specs:
    addressable (2.2.3)
    bson (1.2.0)
    bson_ext (1.2.0)
    diff-lcs (1.1.2)
    faraday (0.5.4)
      addressable (~> 2.2.2)
      multipart-post (~> 1.1.0)
      rack (>= 1.1.0, < 2)
    faraday_middleware (0.3.1)
      faraday (~> 0.5.3)
    git (1.2.5)
    hashie (0.4.0)
    jeweler (1.5.2)
      bundler (~> 1.0.0)
      git (>= 1.2.5)
      rake
    mongo (1.2.0)
      bson (>= 1.2.0)
    multi_json (0.0.5)
    multi_xml (0.2.0)
    multipart-post (1.1.0)
    rack (1.2.1)
    rake (0.8.7)
    rcov (0.9.9)
    rspec (2.3.0)
      rspec-core (~> 2.3.0)
      rspec-expectations (~> 2.3.0)
      rspec-mocks (~> 2.3.0)
    rspec-core (2.3.1)
    rspec-expectations (2.3.0)
      diff-lcs (~> 1.1.2)
    rspec-mocks (2.3.0)
    simple_oauth (0.1.3)
    twitter (1.1.1)
      faraday (~> 0.5.4)
      faraday_middleware (~> 0.3.1)
      hashie (~> 0.4.0)
      multi_json (~> 0.0.5)
      multi_xml (~> 0.2.0)
      simple_oauth (~> 0.1.3)

PLATFORMS
  ruby

DEPENDENCIES
  bson_ext (= 1.2.0)
  bundler (~> 1.0.0)
  jeweler (~> 1.5.2)
  mongo (= 1.2.0)
  rcov
  rspec (~> 2.3.0)
  twitter (= 1.1.1)
